GEM
  remote: https://rubygems.org/
  specs:
    base58 (0.2.3)
    excon (0.71.1)
    faraday (0.8.9)
      multipart-post (~> 1.2.0)
    faraday_middleware (0.9.2)
      faraday (>= 0.7.4, < 0.10)
    faraday_middleware-multi_json (0.0.6)
      faraday_middleware
      multi_json
    hashie (4.0.0)
    multi_json (1.14.1)
    multipart-post (1.2.0)
    rack (2.2.3)
    roda (3.28.0)
      rack
    rubyzip (2.2.0)
    stretcher (1.21.1)
      excon (>= 0.16)
      faraday (~> 0.8)
      faraday_middleware (~> 0.9.0)
      faraday_middleware-multi_json (~> 0.0.5)
      hashie (>= 1.2.0)
      multi_json (>= 1.0)

PLATFORMS
  ruby

DEPENDENCIES
  base58 (~> 0.2)
  faraday (= 0.8.9)
  roda (~> 3.22)
  rubyzip (~> 2.2)
  stretcher (~> 1.21)

BUNDLED WITH
   2.1.4
