GEM
  remote: https://rubygems.org/
  specs:
    rack (2.1.1)
    roda (2.1.0)
      rack

PLATFORMS
  ruby

DEPENDENCIES
  roda (~> 2.1.0)

BUNDLED WITH
   2.1.4
