GEM
  remote: https://rubygems.org/
  specs:
    base58 (0.2.3)
    dbm (1.1.0)
    digest-blake3 (1.2.0.0)
    elastic-transport (8.0.0)
      faraday (~> 1)
      multi_json
    elasticsearch (8.1.2)
      elastic-transport (= 8.0.0)
      elasticsearch-api (= 8.1.2)
    elasticsearch-api (8.1.2)
      multi_json
    faraday (1.10.0)
      faraday-em_http (~> 1.0)
      faraday-em_synchrony (~> 1.0)
      faraday-excon (~> 1.1)
      faraday-httpclient (~> 1.0)
      faraday-multipart (~> 1.0)
      faraday-net_http (~> 1.0)
      faraday-net_http_persistent (~> 1.0)
      faraday-patron (~> 1.0)
      faraday-rack (~> 1.0)
      faraday-retry (~> 1.0)
      ruby2_keywords (>= 0.0.4)
    faraday-em_http (1.0.0)
    faraday-em_synchrony (1.0.0)
    faraday-excon (1.1.0)
    faraday-httpclient (1.0.1)
    faraday-multipart (1.0.3)
      multipart-post (>= 1.2, < 3)
    faraday-net_http (1.0.1)
    faraday-net_http_persistent (1.2.0)
    faraday-patron (1.0.0)
    faraday-rack (1.0.0)
    faraday-retry (1.0.3)
    moneta (1.5.1)
    multi_json (1.15.0)
    multipart-post (2.1.1)
    nio4r (2.5.8)
    puma (5.6.4)
      nio4r (~> 2.0)
    rack (2.2.3)
    roda (3.55.0)
      rack
    ruby2_keywords (0.0.5)
    rubyzip (2.3.2)

PLATFORMS
  ruby

DEPENDENCIES
  base58 (~> 0.2)
  dbm (~> 1.1)
  digest-blake3 (~> 1.2)
  elasticsearch (~> 8.1, >= 8.1.2)
  moneta (~> 1.5, >= 1.5.1)
  puma (~> 5.6)
  roda (~> 3.22)
  rubyzip (~> 2.2)

BUNDLED WITH
   2.3.7
